STORAGE: NONE
RESTRICTION: || (== net5.0) (== netstandard2.0) (== netstandard2.1)
NUGET
  remote: https://api.nuget.org/v3/index.json
    Fable.AST (3.1.1)
    Fable.Browser.Blob (1.1.4)
      Fable.Core (>= 3.0)
      FSharp.Core (>= 4.7.2)
    Fable.Browser.Dom (2.7)
      Fable.Browser.Blob (>= 1.1.4)
      Fable.Browser.Event (>= 1.4.6)
      Fable.Browser.WebStorage (>= 1.0.4)
      Fable.Core (>= 3.0)
      FSharp.Core (>= 4.7.2)
    Fable.Browser.Event (1.4.6)
      Fable.Browser.Gamepad (>= 1.0.3)
      Fable.Core (>= 3.0)
      FSharp.Core (>= 4.7.2)
    Fable.Browser.Gamepad (1.0.3)
      Fable.Core (>= 3.0)
      FSharp.Core (>= 4.7.2)
    Fable.Browser.WebStorage (1.0.4)
      Fable.Browser.Event (>= 1.4.4)
      Fable.Core (>= 3.0)
      FSharp.Core (>= 4.7.2)
    Fable.Core (3.6.1)
    Fable.Elmish (3.1)
      Fable.Core (>= 3.0)
      FSharp.Core (>= 4.6.2)
    Fable.Elmish.React (3.0.1)
      Fable.Core (>= 3.0)
      Fable.Elmish (>= 3.0)
      Fable.React (>= 5.1)
      FSharp.Core (>= 4.6.2)
    Fable.React (7.4.2)
      Fable.Browser.Dom (>= 2.4.4)
      Fable.Core (>= 3.2.7)
      FSharp.Core (>= 4.7.2)
    Feliz (1.57)
      Fable.Core (>= 3.1.5)
      Fable.React (>= 7.4)
      Feliz.CompilerPlugins (>= 1.6)
      FSharp.Core (>= 4.7.2)
    Feliz.CompilerPlugins (1.6)
      Fable.AST (>= 3.0)
      FSharp.Core (>= 4.7.2)
    Feliz.Router (2.1)
      Fable.Core (>= 3.1.5)
      Fable.Elmish (>= 3.0.5)
      Feliz (>= 1.0)
      FSharp.Core (>= 4.7)
    FSharp.Core (6.0.1)
